PATH
  remote: .
  specs:
    ecdsa_signature (0.1.0)

GEM
  remote: https://rubygems.org/
  specs:
    ecdsa (1.2.0)
    rake (10.5.0)

PLATFORMS
  ruby

DEPENDENCIES
  bundler (~> 1.16)
  ecdsa
  ecdsa_signature!
  rake (~> 10.0)

BUNDLED WITH
   1.16.2
